PATH
  remote: ../bloc_works
  specs:
    bloc_works (0.1.0)
      erubis (~> 2.7)

GEM
  remote: https://rubygems.org/
  specs:
    erubis (2.7.0)
    power_assert (1.1.0)
    rack (1.6.8)
    rack-test (0.7.0)
      rack (>= 1.0, < 3)
    test-unit (3.2.5)
      power_assert

PLATFORMS
  ruby

DEPENDENCIES
  bloc_works!
  rack (~> 1.6)
  rack-test (~> 0.6)
  test-unit (~> 3.2)

BUNDLED WITH
   1.14.6
